PATH
  remote: .
  specs:
    oss_front (0.0.0)
      webmachine

GEM
  remote: https://rubygems.org/
  specs:
    as-notifications (1.0.1)
    codeclimate-test-reporter (0.3.0)
      simplecov (>= 0.7.1, < 1.0.0)
    docile (1.1.3)
    i18n (0.7.0)
    minitest (5.5.1)
    multi_json (1.10.1)
    rake (10.4.2)
    simplecov (0.8.2)
      docile (~> 1.1.0)
      multi_json
      simplecov-html (~> 0.8.0)
    simplecov-html (0.8.0)
    webmachine (1.3.1)
      as-notifications (~> 1.0)
      i18n (>= 0.4.0)
      multi_json
    webmachine-test (0.3.0)
      webmachine

PLATFORMS
  ruby

DEPENDENCIES
  codeclimate-test-reporter
  minitest
  oss_front!
  rake
  webmachine-test
