PATH
  remote: .
  specs:
    oss_front (0.0.0)
      webmachine

GEM
  remote: https://rubygems.org/
  specs:
    as-notifications (1.0.1)
    byebug (3.5.1)
      columnize (~> 0.8)
      debugger-linecache (~> 1.2)
      slop (~> 3.6)
    codeclimate-test-reporter (0.3.0)
      simplecov (>= 0.7.1, < 1.0.0)
    coderay (1.1.0)
    columnize (0.9.0)
    debugger-linecache (1.2.0)
    docile (1.1.3)
    i18n (0.7.0)
    method_source (0.8.2)
    minitest (5.5.1)
    multi_json (1.10.1)
    pry (0.10.1)
      coderay (~> 1.1.0)
      method_source (~> 0.8.1)
      slop (~> 3.4)
    pry-byebug (2.0.0)
      byebug (~> 3.4)
      pry (~> 0.10)
    rake (10.4.2)
    simplecov (0.8.2)
      docile (~> 1.1.0)
      multi_json
      simplecov-html (~> 0.8.0)
    simplecov-html (0.8.0)
    slop (3.6.0)
    webmachine (1.3.1)
      as-notifications (~> 1.0)
      i18n (>= 0.4.0)
      multi_json
    webmachine-test (0.3.0)
      webmachine

PLATFORMS
  ruby

DEPENDENCIES
  codeclimate-test-reporter
  minitest
  oss_front!
  pry-byebug
  rake
  webmachine-test
